PATH
  remote: .
  specs:
    azure_jwt_auth (0.3.0)
      bcrypt (~> 3.1)
      jwt (~> 1.5)
      rsa-pem-from-mod-exp (~> 0.1)

GEM
  remote: https://rubygems.org/
  specs:
    addressable (2.5.2)
      public_suffix (>= 2.0.2, < 4.0)
    bcrypt (3.1.11)
    crack (0.4.3)
      safe_yaml (~> 1.0.0)
    diff-lcs (1.3)
    hashdiff (0.3.7)
    jwt (1.5.6)
    public_suffix (3.0.2)
    rack (2.2.3)
    rake (13.0.1)
    rsa-pem-from-mod-exp (0.1.0)
    rspec (3.7.0)
      rspec-core (~> 3.7.0)
      rspec-expectations (~> 3.7.0)
      rspec-mocks (~> 3.7.0)
    rspec-core (3.7.1)
      rspec-support (~> 3.7.0)
    rspec-expectations (3.7.0)
      diff-lcs (>= 1.2.0, < 2.0)
      rspec-support (~> 3.7.0)
    rspec-mocks (3.7.0)
      diff-lcs (>= 1.2.0, < 2.0)
      rspec-support (~> 3.7.0)
    rspec-support (3.7.1)
    safe_yaml (1.0.4)
    webmock (3.3.0)
      addressable (>= 2.3.6)
      crack (>= 0.3.2)
      hashdiff

PLATFORMS
  ruby

DEPENDENCIES
  azure_jwt_auth!
  bundler
  rack
  rake
  rspec
  webmock

BUNDLED WITH
   1.16.1
